GEM
  remote: https://rubygems.org/
  specs:
    ansi (1.5.0)
    ast (2.4.0)
    backports (3.11.4)
    bcrypt (3.1.12)
    builder (3.2.3)
    coderay (1.1.2)
    dotenv (2.7.1)
    erubis (2.7.0)
    method_source (0.9.2)
    minitest (5.11.3)
    minitest-reporters (1.1.19)
      ansi
      builder
      minitest (>= 5.0)
      ruby-progressbar
    multi_json (1.13.1)
    mustermann (1.0.3)
    parallel (1.13.0)
    parser (2.6.0.0)
      ast (~> 2.4.0)
    pg (1.0.0)
    powerpack (0.1.2)
    pry (0.11.3)
      coderay (~> 1.1.0)
      method_source (~> 0.9.0)
    puma (3.12.0)
    rack (2.0.6)
    rack-protection (2.0.5)
      rack
    rack-ssl (1.4.1)
      rack
    rack-test (0.8.3)
      rack (>= 1.0, < 3)
    rainbow (3.0.0)
    rubocop (0.52.1)
      parallel (~> 1.10)
      parser (>= 2.4.0.2, < 3.0)
      powerpack (~> 0.1)
      rainbow (>= 2.2.2, < 4.0)
      ruby-progressbar (~> 1.7)
      unicode-display_width (~> 1.0, >= 1.0.1)
    ruby-progressbar (1.10.0)
    ruby_http_client (3.3.0)
    sendgrid-ruby (5.3.0)
      ruby_http_client (~> 3.3.0)
      sinatra (>= 1.4.7, < 3)
    sinatra (2.0.5)
      mustermann (~> 1.0)
      rack (~> 2.0)
      rack-protection (= 2.0.5)
      tilt (~> 2.0)
    sinatra-contrib (2.0.5)
      backports (>= 2.8.2)
      multi_json
      mustermann (~> 1.0)
      rack-protection (= 2.0.5)
      sinatra (= 2.0.5)
      tilt (>= 1.3, < 3)
    tilt (2.0.9)
    unicode-display_width (1.4.1)

PLATFORMS
  ruby

DEPENDENCIES
  bcrypt (~> 3.1.0)
  dotenv (~> 2.7, >= 2.7.1)
  erubis (~> 2.7.0)
  minitest (~> 5.11.0)
  minitest-reporters (~> 1.1.0)
  pg (~> 1.0.0)
  pry (~> 0.11.0)
  puma
  rack-ssl (~> 1.4, >= 1.4.1)
  rack-test (~> 0.8.0)
  rubocop (~> 0.52.0)
  sendgrid-ruby (~> 5.3.0)
  sinatra (~> 2.0.2)
  sinatra-contrib (~> 2.0.0)

RUBY VERSION
   ruby 2.6.0p0

BUNDLED WITH
   1.17.2
